GEM
  remote: https://rubygems.org/
  specs:
    coderay (1.1.2)
    json (2.2.0)
    method_source (0.9.2)
    mustermann (1.0.3)
    pry (0.12.2)
      coderay (~> 1.1.0)
      method_source (~> 0.9.0)
    rack (2.0.8)
    rack-protection (2.0.7)
      rack
    sinatra (2.0.7)
      mustermann (~> 1.0)
      rack (~> 2.0)
      rack-protection (= 2.0.7)
      tilt (~> 2.0)
    sinatra-cross_origin (0.4.0)
    tilt (2.0.9)

PLATFORMS
  ruby

DEPENDENCIES
  json
  pry
  sinatra
  sinatra-cross_origin

BUNDLED WITH
   1.17.2
